GEM
  remote: https://rubygems.org/
  specs:
    asciidoctor (2.0.9)
    asciidoctor-diagram (1.5.18)
      asciidoctor (>= 1.5.0, < 3.x)
    asciidoctor-rouge (0.4.0)
      asciidoctor (>= 1.5.6, < 2.1)
      rouge (>= 2.2, < 4)
    rouge (3.3.0)

PLATFORMS
  ruby

DEPENDENCIES
  asciidoctor
  asciidoctor-diagram
  asciidoctor-rouge

BUNDLED WITH
   1.16.6
